PATH
  remote: .
  specs:
    BeerBuddy-CLI (0.1.0)

GEM
  remote: https://rubygems.org/
  specs:
    coderay (1.1.2)
    method_source (0.9.2)
    mini_portile2 (2.4.0)
    nokogiri (1.10.1)
      mini_portile2 (~> 2.4.0)
    open_uri_redirections (0.2.1)
    pry (0.12.2)
      coderay (~> 1.1.0)
      method_source (~> 0.9.0)
    rake (10.4.2)

PLATFORMS
  ruby

DEPENDENCIES
  BeerBuddy-CLI!
  bundler (~> 2.0)
  nokogiri (~> 1.10, >= 1.10.1)
  open_uri_redirections (~> 0.2.1)
  pry (~> 0.12.2)
  rake (~> 10.0)

BUNDLED WITH
   2.0.1
